GEM
  remote: https://rubygems.org/
  specs:
    activesupport (5.0.0)
      concurrent-ruby (~> 1.0, >= 1.0.2)
      i18n (~> 0.7)
      minitest (~> 5.1)
      tzinfo (~> 1.1)
    cog-rb (0.1.12)
      rake (~> 11.2)
    concurrent-ruby (1.0.2)
    groovehq (1.0.6)
      activesupport
      httparty
    httparty (0.14.0)
      multi_xml (>= 0.5.2)
    i18n (0.7.0)
    minitest (5.9.0)
    multi_xml (0.5.5)
    rake (11.2.2)
    text-table (1.2.4)
    thread_safe (0.3.5)
    tzinfo (1.2.2)
      thread_safe (~> 0.1)

PLATFORMS
  ruby

DEPENDENCIES
  cog-rb (>= 0.1.12)
  groovehq (>= 1.0.6)
  text-table

BUNDLED WITH
   1.12.5
